PATH
  remote: .
  specs:
    http_parser.rb (0.5.0)

GEM
  remote: http://rubygems.org/
  specs:
    diff-lcs (1.1.2)
    json (1.4.6)
    rake (0.8.7)
    rake-compiler (0.7.0)
      rake (>= 0.8.3, < 0.9)
    rspec (2.0.1)
      rspec-core (~> 2.0.1)
      rspec-expectations (~> 2.0.1)
      rspec-mocks (~> 2.0.1)
    rspec-core (2.0.1)
    rspec-expectations (2.0.1)
      diff-lcs (>= 1.1.2)
    rspec-mocks (2.0.1)
      rspec-core (~> 2.0.1)
      rspec-expectations (~> 2.0.1)

PLATFORMS
  ruby

DEPENDENCIES
  http_parser.rb!
  json (>= 1.4.6)
  rake-compiler (>= 0.7.0)
  rspec (>= 2.0.1)
